GEM
  remote: https://rubygems.org/
  specs:
    activesupport (4.1.8)
      i18n (~> 0.6, >= 0.6.9)
      json (~> 1.7, >= 1.7.7)
      minitest (~> 5.1)
      thread_safe (~> 0.1)
      tzinfo (~> 1.1)
    att_speech (0.0.6)
      activesupport
      celluloid (>= 0.11.1)
      faraday (~> 0.8.1)
      hashie (>= 1.2.0)
    celluloid (0.16.0)
      timers (~> 4.0.0)
    faraday (0.8.9)
      multipart-post (~> 1.2.0)
    ffi (1.9.6)
    hashie (3.3.2)
    hitimes (1.2.2)
    i18n (0.6.11)
    json (1.8.1)
    minitest (5.4.3)
    multipart-post (1.2.0)
    pocketsphinx-ruby (0.1.1)
      ffi (>= 1.9)
    thread_safe (0.3.4)
    timers (4.0.1)
      hitimes
    tzinfo (1.2.2)
      thread_safe (~> 0.1)

PLATFORMS
  ruby

DEPENDENCIES
  att_speech
  pocketsphinx-ruby
